GEM
  remote: http://rubygems.org/
  specs:
    haml (3.1.7)
    sass (3.2.3)

PLATFORMS
  ruby

DEPENDENCIES
  haml
  sass
